NUGET
  remote: https://www.nuget.org/api/v2
    FAKE (4.41.8)
    ImageProcessor (2.4.5)
    Spire.PDF (3.8.22)
