NUGET
  remote: https://www.nuget.org/api/v2
    Spire.PDF (3.8.22)
