NUGET
  remote: https://www.nuget.org/api/v2
    PdfSharp (1.32.3057)
